PATH
  remote: .
  specs:
    s2s-auth (0.0.1)
      activesupport (>= 3.0)

GEM
  remote: https://rubygems.org/
  specs:
    activesupport (4.1.0.beta1)
      i18n (~> 0.6, >= 0.6.9)
      json (~> 1.7, >= 1.7.7)
      minitest (~> 5.1)
      thread_safe (~> 0.1)
      tzinfo (~> 1.1)
    atomic (1.1.14)
    diff-lcs (1.2.5)
    i18n (0.6.9)
    json (1.7.7)
    minitest (5.2.2)
    rake (0.9.6)
    rspec (2.14.1)
      rspec-core (~> 2.14.0)
      rspec-expectations (~> 2.14.0)
      rspec-mocks (~> 2.14.0)
    rspec-core (2.14.7)
    rspec-expectations (2.14.5)
      diff-lcs (>= 1.1.3, < 2.0)
    rspec-mocks (2.14.5)
    thread_safe (0.1.3)
      atomic
    tzinfo (1.1.0)
      thread_safe (~> 0.1)

PLATFORMS
  ruby

DEPENDENCIES
  bundler (~> 1.5)
  rake
  rspec
  s2s-auth!
